NUGET
  remote: https://nuget.org/api/v2
  specs:
    DotLiquid (1.8.0)
    FAKE (4.4.1)
    FSharp.Azure.StorageTypeProvider (1.3.0)
      WindowsAzure.Storage (>= 4.3.0)
    FSharp.Compiler.Service (0.0.90)
    FSharp.Core (4.0.0.1)
    FSharp.Data (2.2.5)
      Zlib.Portable (>= 1.10.0) - framework: portable-net40+sl50+wp80+win80
    FSharp.Formatting (2.10.3)
      FSharp.Compiler.Service (>= 0.0.90 <= 1.3)
      FSharpVSPowerTools.Core (1.9.0)
    FSharpVSPowerTools.Core (1.9.0)
      FSharp.Compiler.Service (>= 0.0.90)
    FsPickler (1.3.7)
    Google.DataTable.Net.Wrapper (3.1.2)
    Microsoft.Azure.KeyVault.Core (1.0.0) - framework: >= net40, wpv8.0
    Microsoft.Data.Edm (5.6.4) - framework: >= net40, winv4.5, wpv8.0
    Microsoft.Data.OData (5.6.4) - framework: >= net40, winv4.5, wpv8.0
      Microsoft.Data.Edm (5.6.4)
      System.Spatial (5.6.4)
    Microsoft.Data.Services.Client (5.6.4) - framework: >= net40
      Microsoft.Data.OData (5.6.4)
    Newtonsoft.Json (7.0.1)
    Suave (0.31.2)
      FSharp.Core (>= 3.1.2.5)
      FsPickler (>= 1.2.5)
    Suave.DotLiquid (0.31.2)
      DotLiquid (>= 1.8.0)
      Suave (>= 0.31.2)
    System.Spatial (5.6.4) - framework: >= net40, winv4.5, wpv8.0
    WindowsAzure.Storage (5.0.2)
      Microsoft.Azure.KeyVault.Core (>= 1.0.0) - framework: >= net40, wpv8.0
      Microsoft.Data.OData (>= 5.6.4) - framework: >= net40, winv4.5, wpv8.0
      Microsoft.Data.Services.Client (>= 5.6.4) - framework: >= net40
      Newtonsoft.Json (>= 6.0.8) - framework: >= net40, wpv8.0
    XPlot.GoogleCharts (1.2.2)
      Google.DataTable.Net.Wrapper
      Newtonsoft.Json
    Zlib.Portable (1.11.0) - framework: portable-net40+sl50+wp80+win80
